GEM
  remote: http://rubygems.org/
  specs:
    ffi (1.0.11)
    git (1.2.5)
    growl (1.0.3)
    guard (1.0.1)
      ffi (>= 0.5.0)
      thor (~> 0.14.6)
    guard-test (0.4.3)
      guard (>= 0.4)
      test-unit (~> 2.2)
    jeweler (1.8.3)
      bundler (~> 1.0)
      git (>= 1.2.5)
      rake
      rdoc
    json (1.6.5)
    rake (0.9.2.2)
    rb-fsevent (0.9.0)
    rdoc (3.12)
      json (~> 1.4)
    test-unit (2.4.8)
    thor (0.14.6)
    xml-simple (1.1.1)

PLATFORMS
  ruby

DEPENDENCIES
  bundler
  growl
  guard-test
  jeweler
  rb-fsevent
  test-unit
  xml-simple
